ObjectType = Image
NDims = 3
BinaryData = True
BinaryDataByteOrderMSB = False
TransformMatrix = 1 0 0 0 1 0 0 0 1
Offset = 0 0 0
CenterOfRotation = 0 0 0
ElementSpacing = 0.5 0.5 0.5
DimSize = 128 128 128
AnatomicalOrientation = ???
ElementType = MET_UCHAR
ElementDataFile = hydrogen_atom_128x128x128_uint8.raw